GEM
  remote: https://rubygems.org/
  specs:
    image_size (2.0.0)
    review (3.0.0)
      image_size
      rouge
      rubyzip
    rouge (3.3.0)
    rubyzip (1.2.2)

PLATFORMS
  ruby

DEPENDENCIES
  review

BUNDLED WITH
   2.0.1
